PATH
  remote: ../../higanworks/test-kitchen
  specs:
    test-kitchen (1.4.1.dev)
      mixlib-shellout (>= 1.2, < 3.0)
      net-scp (~> 1.1)
      net-ssh (~> 2.7)
      safe_yaml (~> 1.0)
      thor (~> 0.18)

GEM
  remote: https://rubygems.org/
  specs:
    aws-sdk (2.0.48)
      aws-sdk-resources (= 2.0.48)
    aws-sdk-core (2.0.48)
      builder (~> 3.0)
      jmespath (~> 1.0)
      multi_json (~> 1.0)
    aws-sdk-resources (2.0.48)
      aws-sdk-core (= 2.0.48)
    aws-sdk-v1 (1.59.1)
      json (~> 1.4)
      nokogiri (>= 1.4.4)
    builder (3.2.2)
    capybara (2.4.4)
      mime-types (>= 1.16)
      nokogiri (>= 1.3.3)
      rack (>= 1.0.0)
      rack-test (>= 0.5.4)
      xpath (~> 2.0)
    cliver (0.3.2)
    diff-lcs (1.2.5)
    excon (0.45.3)
    faraday (0.9.1)
      multipart-post (>= 1.2, < 3)
    infrataster (0.2.6)
      capybara
      faraday
      net-ssh
      net-ssh-gateway
      poltergeist
      rspec (>= 2.0, < 4.0)
      thor
    jmespath (1.0.2)
      multi_json (~> 1.0)
    json (1.8.3)
    kitchen-ec2 (0.9.5)
      aws-sdk (~> 2)
      aws-sdk-v1 (~> 1.59.0)
      excon
      multi_json
      test-kitchen (~> 1.4)
    mime-types (2.6.1)
    mini_portile (0.6.2)
    mixlib-shellout (2.1.0)
    multi_json (1.11.0)
    multipart-post (2.0.0)
    net-scp (1.2.1)
      net-ssh (>= 2.6.5)
    net-ssh (2.9.2)
    net-ssh-gateway (1.2.0)
      net-ssh (>= 2.6.5)
    nokogiri (1.6.6.2)
      mini_portile (~> 0.6.0)
    poltergeist (1.6.0)
      capybara (~> 2.1)
      cliver (~> 0.3.1)
      multi_json (~> 1.0)
      websocket-driver (>= 0.2.0)
    rack (1.6.1)
    rack-test (0.6.3)
      rack (>= 1.0)
    rspec (3.2.0)
      rspec-core (~> 3.2.0)
      rspec-expectations (~> 3.2.0)
      rspec-mocks (~> 3.2.0)
    rspec-core (3.2.3)
      rspec-support (~> 3.2.0)
    rspec-expectations (3.2.1)
      diff-lcs (>= 1.2.0, < 2.0)
      rspec-support (~> 3.2.0)
    rspec-mocks (3.2.1)
      diff-lcs (>= 1.2.0, < 2.0)
      rspec-support (~> 3.2.0)
    rspec-support (3.2.2)
    safe_yaml (1.0.4)
    thor (0.19.1)
    websocket-driver (0.5.4)
      websocket-extensions (>= 0.1.0)
    websocket-extensions (0.1.2)
    xpath (2.0.0)
      nokogiri (~> 1.3)

PLATFORMS
  ruby

DEPENDENCIES
  infrataster
  kitchen-ec2
  test-kitchen!
